GEM
  remote: https://rubygems.org/
  specs:
    arr-pm (0.0.12)
    ast (2.3.0)
    astrolabe (1.3.1)
      parser (~> 2.2)
    backports (3.11.0)
    cabin (0.9.0)
    childprocess (0.8.0)
      ffi (~> 1.0, >= 1.0.11)
    clamp (0.6.5)
    diff-lcs (1.3)
    ffi (1.9.18)
    fpm (1.3.3)
      arr-pm (~> 0.0.9)
      backports (>= 2.6.2)
      cabin (>= 0.6.0)
      childprocess
      clamp (~> 0.6)
      ffi
      json (>= 1.7.7)
    json (2.1.0)
    parser (2.4.0.2)
      ast (~> 2.3)
    powerpack (0.1.1)
    rainbow (2.2.2)
      rake
    rake (10.5.0)
    rspec (3.3.0)
      rspec-core (~> 3.3.0)
      rspec-expectations (~> 3.3.0)
      rspec-mocks (~> 3.3.0)
    rspec-core (3.3.2)
      rspec-support (~> 3.3.0)
    rspec-expectations (3.3.1)
      diff-lcs (>= 1.2.0, < 2.0)
      rspec-support (~> 3.3.0)
    rspec-mocks (3.3.2)
      diff-lcs (>= 1.2.0, < 2.0)
      rspec-support (~> 3.3.0)
    rspec-support (3.3.0)
    rubocop (0.32.1)
      astrolabe (~> 1.3)
      parser (>= 2.2.2.5, < 3.0)
      powerpack (~> 0.1)
      rainbow (>= 1.99.1, < 3.0)
      ruby-progressbar (~> 1.4)
    ruby-progressbar (1.9.0)

PLATFORMS
  ruby

DEPENDENCIES
  fpm (= 1.3.3)
  rake (< 11.0)
  rspec (= 3.3.0)
  rubocop (= 0.32.1)

RUBY VERSION
   ruby 2.1.4p265

BUNDLED WITH
   1.16.0
